GEM
  remote: https://rubygems.org/
  specs:
    gosu (0.8.7.2)
    minitest (5.5.0)
    rake (12.3.3)

PLATFORMS
  ruby

DEPENDENCIES
  gosu
  minitest
  rake
